GEM
  remote: https://rubygems.org/
  specs:
    adsf (1.1.1)
      rack (>= 1.0.0)
    colored (1.2)
    cri (2.3.0)
      colored (>= 1.2)
    haml (3.1.7)
    kramdown (0.14.1)
    nanoc (3.4.3)
      cri (~> 2.2)
    rack (1.4.4)
    sass (3.2.5)

PLATFORMS
  ruby

DEPENDENCIES
  adsf
  haml (~> 3.1)
  kramdown
  nanoc
  sass (~> 3.1)
